GEM
  remote: https://rubygems.org/
  specs:
    license_finder (6.10.1)
      bundler
      rubyzip (>= 1, < 3)
      thor (~> 1.0.1)
      tomlrb (>= 1.3, < 2.1)
      with_env (= 1.1.0)
      xml-simple (~> 1.1.5)
    rubyzip (2.3.0)
    thor (1.0.1)
    tomlrb (2.0.1)
    with_env (1.1.0)
    xml-simple (1.1.8)

PLATFORMS
  ruby

DEPENDENCIES
  license_finder

BUNDLED WITH
   2.1.4
